GEM
  remote: http://rubygems.org/
  specs:
    json (1.8.1)
    passenger (5.0.21)
      rack
      rake (>= 0.8.1)
    pg (0.18.3)
    pg (0.18.3-x86-mingw32)
    rack (1.6.0)
    rack-protection (1.5.3)
      rack
    rake (10.4.2)
    sequel (4.21.0)
    sinatra (1.4.6)
      rack (~> 1.4)
      rack-protection (~> 1.4)
      tilt (>= 1.3, < 3)
    tilt (2.0.1)

PLATFORMS
  ruby
  x86-mingw32

DEPENDENCIES
  json
  passenger
  pg
  rake
  sequel
  sinatra

BUNDLED WITH
   1.10.6
